GEM
  remote: https://rubygems.org/
  specs:
    iodine (0.7.57)
    nio4r (2.7.0)
    puma (6.4.2)
      nio4r (~> 2.0)
    rack (2.2.8)
    rack-ssl-enforcer (0.2.9)
    rack-timeout (0.6.3)
    rackstaticapp (0.1.0)
      rack (~> 2.0)
      vienna (~> 0.4.0)
    vienna (0.4.2)
      rack (~> 2.0)

PLATFORMS
  aarch64-linux
  arm64-darwin
  ruby
  x86_64-darwin
  x86_64-linux

DEPENDENCIES
  iodine
  puma
  rack
  rack-ssl-enforcer
  rack-timeout
  rackstaticapp

RUBY VERSION
   ruby 3.2.2p53

BUNDLED WITH
   2.4.19
